GEM
  remote: https://rubygems.org/
  specs:
    activesupport (5.2.2)
      concurrent-ruby (~> 1.0, >= 1.0.2)
      i18n (>= 0.7, < 2)
      minitest (~> 5.1)
      tzinfo (~> 1.1)
    addressable (2.7.0)
      public_suffix (>= 2.0.2, < 5.0)
    aws-eventstream (1.0.3)
    aws-sdk (2.11.326)
      aws-sdk-resources (= 2.11.326)
    aws-sdk-core (2.11.326)
      aws-sigv4 (~> 1.0)
      jmespath (~> 1.0)
    aws-sdk-resources (2.11.326)
      aws-sdk-core (= 2.11.326)
    aws-sigv4 (1.1.0)
      aws-eventstream (~> 1.0, >= 1.0.2)
    bitters (1.8.0)
      bourbon (~> 5.0)
      sass (~> 3.4)
      thor (~> 0.19)
    bourbon (5.1.0)
      sass (~> 3.4)
      thor (~> 0.19)
    colorator (1.1.0)
    colored (1.2)
    colorize (0.8.1)
    concurrent-ruby (1.1.4)
    configure-s3-website (1.7.5)
      aws-sdk (~> 2)
      deep_merge (~> 1.0.0)
    deep_merge (1.0.1)
    dotenv (1.0.2)
    ethon (0.11.0)
      ffi (>= 1.3.0)
    ffi (1.11.2)
    forwardable-extended (2.6.0)
    html-proofer (3.10.0)
      activesupport (>= 4.2, < 6.0)
      addressable (~> 2.3)
      colorize (~> 0.8)
      mercenary (~> 0.3.2)
      nokogiri (~> 1.9)
      parallel (~> 1.3)
      typhoeus (~> 1.3)
      yell (~> 2.0)
    i18n (1.5.1)
      concurrent-ruby (~> 1.0)
    jekyll (3.6.3)
      addressable (~> 2.4)
      colorator (~> 1.0)
      jekyll-sass-converter (~> 1.0)
      jekyll-watch (~> 1.1)
      kramdown (~> 1.14)
      liquid (~> 4.0)
      mercenary (~> 0.3.3)
      pathutil (~> 0.9)
      rouge (>= 1.7, < 3)
      safe_yaml (~> 1.0)
    jekyll-email-protect (1.0.3)
    jekyll-i18n (1.0.3)
      jekyll
    jekyll-sass-converter (1.5.2)
      sass (~> 3.4)
    jekyll-watch (1.5.1)
      listen (~> 3.0)
    jmespath (1.4.0)
    kramdown (1.17.0)
    liquid (4.0.3)
    listen (3.2.0)
      rb-fsevent (~> 0.10, >= 0.10.3)
      rb-inotify (~> 0.9, >= 0.9.10)
    mercenary (0.3.6)
    mini_portile2 (2.4.0)
    minitest (5.11.3)
    neat (3.0.1)
      sass (~> 3.4)
      thor (~> 0.19)
    nokogiri (1.10.4)
      mini_portile2 (~> 2.4.0)
    parallel (1.12.1)
    pathutil (0.16.2)
      forwardable-extended (~> 2.6)
    public_suffix (4.0.1)
    rake (10.5.0)
    rb-fsevent (0.10.3)
    rb-inotify (0.10.0)
      ffi (~> 1.0)
    rouge (2.2.1)
    s3_website (2.16.0)
      colored (= 1.2)
      configure-s3-website (= 1.7.5)
      dotenv (~> 1.0)
      thor (~> 0.18)
    safe_yaml (1.0.5)
    sass (3.4.22)
    sass-globbing (1.1.5)
      sass (>= 3.1)
    thor (0.20.3)
    thread_safe (0.3.6)
    typhoeus (1.3.1)
      ethon (>= 0.9.0)
    tzinfo (1.2.5)
      thread_safe (~> 0.1)
    yell (2.0.7)

PLATFORMS
  ruby

DEPENDENCIES
  bitters
  bourbon
  html-proofer
  i18n
  jekyll (= 3.6.3)
  jekyll-email-protect (~> 1.0.3)
  jekyll-i18n
  neat
  rake (~> 10)
  s3_website (~> 2.16.0)
  sass (= 3.4.22)
  sass-globbing

RUBY VERSION
   ruby 2.3.8p459

BUNDLED WITH
   1.17.3
